GEM
  remote: https://rubygems.org/
  specs:
    ast (2.3.0)
    awesome_print (1.7.0)
    coderay (1.1.1)
    diff-lcs (1.2.5)
    faraday (0.9.2)
      multipart-post (>= 1.2, < 3)
    inch (0.7.1)
      pry
      sparkr (>= 0.2.0)
      term-ansicolor
      yard (~> 0.8.7.5)
    method_source (0.8.2)
    multipart-post (2.0.0)
    parser (2.3.1.4)
      ast (~> 2.2)
    powerpack (0.1.1)
    pry (0.10.4)
      coderay (~> 1.1.0)
      method_source (~> 0.8.1)
      slop (~> 3.4)
    rainbow (2.1.0)
    rake (11.3.0)
    redis (3.3.1)
    rspec (3.5.0)
      rspec-core (~> 3.5.0)
      rspec-expectations (~> 3.5.0)
      rspec-mocks (~> 3.5.0)
    rspec-core (3.5.2)
      rspec-support (~> 3.5.0)
    rspec-expectations (3.5.0)
      diff-lcs (>= 1.2.0, < 2.0)
      rspec-support (~> 3.5.0)
    rspec-mocks (3.5.0)
      diff-lcs (>= 1.2.0, < 2.0)
      rspec-support (~> 3.5.0)
    rspec-support (3.5.0)
    rubocop (0.44.1)
      parser (>= 2.3.1.1, < 3.0)
      powerpack (~> 0.1)
      rainbow (>= 1.99.1, < 3.0)
      ruby-progressbar (~> 1.7)
      unicode-display_width (~> 1.0, >= 1.0.1)
    ruby-progressbar (1.8.1)
    slop (3.6.0)
    sparkr (0.4.1)
    term-ansicolor (1.4.0)
      tins (~> 1.0)
    tins (1.12.0)
    unicode-display_width (1.1.1)
    yard (0.8.7.6)

PLATFORMS
  ruby

DEPENDENCIES
  awesome_print
  faraday
  inch
  pry
  rake
  redis
  rspec
  rubocop

RUBY VERSION
   ruby 2.3.1p112

BUNDLED WITH
   1.12.5
